GEM
  remote: https://rubygems.org/
  specs:
    diff-lcs (1.5.0)
    rspec-collection_matchers (1.2.0)
      rspec-expectations (>= 2.99.0.beta1)
    rspec-core (3.10.2)
      rspec-support (~> 3.10.0)
    rspec-expectations (3.10.2)
      diff-lcs (>= 1.2.0, < 2.0)
      rspec-support (~> 3.10.0)
    rspec-support (3.10.3)
    rspec_junit_formatter (0.5.1)
      rspec-core (>= 2, < 4, != 2.12.0)

PLATFORMS
  universal-java-11

DEPENDENCIES
  bundler (= 2.2.29)
  rspec-collection_matchers (~> 1.2.0)
  rspec-core (~> 3.10.1)
  rspec_junit_formatter

BUNDLED WITH
   2.2.29
